GEM
  remote: http://rubygems.org/
  specs:
    activerecord (2.3.8)
      activesupport (= 2.3.8)
    activerecord-jdbc-adapter (0.9.7-java)
    activerecord-jdbcsqlite3-adapter (0.9.7-java)
      activerecord-jdbc-adapter (= 0.9.7)
      jdbc-sqlite3 (>= 3.6.3.054)
    activesupport (2.3.8)
    bacon (1.1.0)
    bluecloth (2.0.9)
    gemcutter (0.6.1)
    git (1.2.5)
    jdbc-sqlite3 (3.6.3.054)
    jeweler (1.4.0)
      gemcutter (>= 0.1.0)
      git (>= 1.2.5)
      rubyforge (>= 2.0.0)
    json_pure (1.4.6)
    rubyforge (2.0.4)
      json_pure (>= 1.1.7)
    sqlite3-ruby (1.3.1)
    yard (0.6.1)

PLATFORMS
  java
  ruby

DEPENDENCIES
  activerecord (= 2.3.8)
  activerecord-jdbc-adapter
  activerecord-jdbcsqlite3-adapter
  bacon
  bluecloth
  jdbc-sqlite3
  jeweler
  sqlite3-ruby
  yard
